PATH
  remote: .
  specs:
    translation (1.9)
      gettext (>= 3.2.2)
      i18n (>= 0.7.0)

GEM
  remote: https://rubygems.org/
  specs:
    codeclimate-test-reporter (1.0.2)
    diff-lcs (1.2.5)
    docile (1.1.5)
    gettext (3.2.2)
      locale (>= 2.0.5)
      text (>= 1.3.0)
    i18n (0.8.1)
    json (1.8.3)
    locale (2.1.2)
    rake (10.5.0)
    rspec (2.14.1)
      rspec-core (~> 2.14.0)
      rspec-expectations (~> 2.14.0)
      rspec-mocks (~> 2.14.0)
    rspec-core (2.14.8)
    rspec-expectations (2.14.5)
      diff-lcs (>= 1.1.3, < 2.0)
    rspec-mocks (2.14.6)
    simplecov (0.11.2)
      docile (~> 1.1.0)
      json (~> 1.8)
      simplecov-html (~> 0.10.0)
    simplecov-html (0.10.0)
    text (1.3.1)

PLATFORMS
  ruby

DEPENDENCIES
  codeclimate-test-reporter (~> 1.0.0)
  rake (~> 10.3)
  rspec (>= 2.14.1)
  simplecov
  translation!

BUNDLED WITH
   1.14.6
